GEM
  remote: http://rubygems.org/
  specs:
    activesupport (2.3.15)
    daemons (1.1.9)
    diff-lcs (1.1.3)
    git (1.2.5)
    hiredis (0.4.4)
    i18n (0.6.0)
    jeweler (1.6.4)
      bundler (~> 1.0)
      git (>= 1.2.5)
      rake
    metaclass (0.0.1)
    mocha (0.10.3)
      metaclass (~> 0.0.1)
    rake (0.9.2.2)
    rcov (0.9.11)
    redis (3.0.1)
    rspec (2.8.0)
      rspec-core (~> 2.8.0)
      rspec-expectations (~> 2.8.0)
      rspec-mocks (~> 2.8.0)
    rspec-core (2.8.0)
    rspec-expectations (2.8.0)
      diff-lcs (~> 1.1.2)
    rspec-mocks (2.8.0)

PLATFORMS
  ruby

DEPENDENCIES
  activesupport (~> 2.0)
  bundler
  daemons (~> 1.1)
  hiredis (~> 0.4.4)
  i18n
  jeweler
  mocha
  rcov
  redis (~> 3.0.1)
  rspec
